GEM
  remote: http://rubygems.org/
  specs:
    addressable (2.2.7)
    data_objects (0.10.8)
      addressable (~> 2.1)
    dm-ar-finders (1.2.0)
      dm-core (~> 1.2.0)
    dm-constraints (1.2.0)
      dm-core (~> 1.2.0)
    dm-core (1.2.0)
      addressable (~> 2.2.6)
    dm-do-adapter (1.2.0)
      data_objects (~> 0.10.6)
      dm-core (~> 1.2.0)
    dm-migrations (1.2.0)
      dm-core (~> 1.2.0)
    dm-postgres-adapter (1.2.0)
      dm-do-adapter (~> 1.2.0)
      do_postgres (~> 0.10.6)
    dm-sqlite-adapter (1.2.0)
      dm-do-adapter (~> 1.2.0)
      do_sqlite3 (~> 0.10.6)
    dm-transactions (1.2.0)
      dm-core (~> 1.2.0)
    dm-validations (1.2.0)
      dm-core (~> 1.2.0)
    do_postgres (0.10.8)
      data_objects (= 0.10.8)
    do_sqlite3 (0.10.8)
      data_objects (= 0.10.8)
    git (1.2.5)
    jeweler (1.8.3)
      bundler (~> 1.0)
      git (>= 1.2.5)
      rake
      rdoc
    json (1.6.6)
    minitest (2.11.4)
    rake (0.9.2.2)
    rdoc (3.12)
      json (~> 1.4)
    rr (1.0.4)

PLATFORMS
  ruby

DEPENDENCIES
  bundler
  dm-ar-finders (>= 1.2.0)
  dm-constraints (>= 1.2.0)
  dm-migrations (>= 1.2.0)
  dm-postgres-adapter (>= 1.2.0)
  dm-sqlite-adapter (>= 1.2.0)
  dm-transactions (>= 1.2.0)
  dm-validations (>= 1.2.0)
  jeweler
  minitest
  rr
